PATH
  remote: .
  specs:
    suploy-scli (0.0.1)
      docker-api
      gli (= 2.10.0)
      jbox-gitolite
      sshkey

GEM
  remote: https://rubygems.org/
  specs:
    archive-tar-minitar (0.5.2)
    aruba (0.5.4)
      childprocess (>= 0.3.6)
      cucumber (>= 1.1.1)
      rspec-expectations (>= 2.7.0)
    builder (3.2.2)
    charlock_holmes (0.6.9.4)
    childprocess (0.5.3)
      ffi (~> 1.0, >= 1.0.11)
    cucumber (1.3.14)
      builder (>= 2.1.2)
      diff-lcs (>= 1.1.3)
      gherkin (~> 2.12)
      multi_json (>= 1.7.5, < 2.0)
      multi_test (>= 0.1.1)
    diff-lcs (1.2.5)
    docker-api (1.10.10)
      archive-tar-minitar
      excon (>= 0.28)
      json
    excon (0.33.0)
    ffi (1.9.3)
    gherkin (2.12.2)
      multi_json (~> 1.3)
    gitlab-grit (2.6.6)
      charlock_holmes (~> 0.6)
      diff-lcs (~> 1.1)
      mime-types (~> 1.15)
      posix-spawn (~> 0.3)
    gli (2.10.0)
    gratr19 (0.4.4.1)
    jbox-gitolite (1.2.2)
      gitlab-grit (~> 2.6.5)
      gratr19 (~> 0.4.4.1)
    json (1.8.1)
    mime-types (1.25.1)
    multi_json (1.10.0)
    multi_test (0.1.1)
    posix-spawn (0.3.8)
    rake (10.3.1)
    rdoc (4.1.1)
      json (~> 1.4)
    rspec-expectations (2.14.5)
      diff-lcs (>= 1.1.3, < 2.0)
    sshkey (1.6.1)

PLATFORMS
  ruby

DEPENDENCIES
  aruba
  docker-api
  jbox-gitolite
  rake
  rdoc
  sshkey
  suploy-scli!
